GEM
  remote: http://rubygems.org/
  specs:
    builder (3.2.3)
    excon (0.60.0)
    gon-sinatra (0.1.2)
      sinatra
    haml (5.0.4)
      temple (>= 0.8.0)
      tilt
    json (2.1.0)
    multi_json (1.13.1)
    mustermann (1.0.2)
    neography (1.8.0)
      excon (>= 0.33.0)
      json (>= 1.7.7)
      multi_json (>= 1.3.2)
      os (>= 0.9.6)
      rake (>= 0.8.7)
      rubyzip (>= 1.0.0)
    os (1.0.0)
    rack (2.0.4)
    rack-protection (2.0.1)
      rack
    rake (12.3.0)
    rubyzip (1.2.1)
    sinatra (2.0.1)
      mustermann (~> 1.0)
      rack (~> 2.0)
      rack-protection (= 2.0.1)
      tilt (~> 2.0)
    temple (0.8.0)
    tilt (2.0.8)

PLATFORMS
  ruby

DEPENDENCIES
  builder
  gon-sinatra
  haml
  json
  neography
  sinatra

BUNDLED WITH
   1.15.3
